GEM
  remote: http://rubygems.org/
  specs:
    configuration (1.3.1)
    domain_name (0.5.3)
      unf (~> 0.0.3)
    foreman (0.19.0)
      term-ansicolor (~> 1.0.5)
      thor (>= 0.13.6)
    heroku (2.3.6)
      launchy (>= 0.3.2)
      rest-client (~> 1.6.1)
      term-ansicolor (~> 1.0.5)
    i18n (0.6.0)
    launchy (0.4.0)
      configuration (>= 0.0.5)
      rake (>= 0.8.1)
    mail (2.4.4)
      i18n (>= 0.4.0)
      mime-types (~> 1.16)
      treetop (~> 1.4.8)
    mechanize (2.1.1)
      domain_name (~> 0.5, >= 0.5.1)
      net-http-digest_auth (~> 1.1, >= 1.1.1)
      net-http-persistent (~> 2.4, >= 2.4.1)
      nokogiri (~> 1.4)
      ntlm-http (~> 0.1, >= 0.1.1)
      webrobots (~> 0.0, >= 0.0.9)
    mime-types (1.16)
    net-http-digest_auth (1.2.1)
    net-http-persistent (2.7)
    nokogiri (1.5.5)
    nokogiri (1.5.5-x86-mingw32)
    ntlm-http (0.1.1)
    polyglot (0.3.3)
    pony (1.4)
      mail (> 2.0)
    rack (1.3.0)
    rake (0.9.2)
    rest-client (1.6.3)
      mime-types (>= 1.16)
    rufus-scheduler (2.0.10)
      tzinfo (>= 0.3.23)
    sanitize (2.0.3)
      nokogiri (>= 1.4.4, < 1.6)
    term-ansicolor (1.0.5)
    thor (0.14.6)
    treetop (1.4.10)
      polyglot
      polyglot (>= 0.3.1)
    tzinfo (0.3.29)
    unf (0.0.5)
      unf_ext
    unf_ext (0.0.5)
    unf_ext (0.0.5-x86-mingw32)
    webrobots (0.0.13)

PLATFORMS
  ruby
  x86-mingw32

DEPENDENCIES
  foreman
  heroku
  mechanize
  pony
  rack
  rufus-scheduler
  sanitize
